GEM
  remote: http://rubygems.org/
  specs:
    RedCloth (4.2.7)
    chunky_png (1.2.0)
    classifier (1.3.3)
      fast-stemmer (>= 1.0.0)
    compass (0.11.4)
      chunky_png (~> 1.2)
      fssm (>= 0.2.7)
      sass (~> 3.1)
    directory_watcher (1.4.0)
    fast-stemmer (1.0.0)
    fssm (0.2.7)
    haml (3.1.2)
    jekyll (0.10.0)
      classifier (>= 1.3.1)
      directory_watcher (>= 1.1.1)
      liquid (>= 1.9.0)
      maruku (>= 0.5.9)
    liquid (2.2.2)
    maruku (0.6.0)
      syntax (>= 1.0.0)
    rack (1.3.0)
    rack-jekyll (0.3.5)
      jekyll
      rack
    rb-fsevent (0.4.0)
    rdiscount (1.6.8)
    sass (3.1.4)
    shotgun (0.9)
      rack (>= 1.0)
    syntax (1.0.0)

PLATFORMS
  ruby

DEPENDENCIES
  RedCloth
  compass (>= 0.11.4)
  haml (>= 3.0.25)
  jekyll
  rack-jekyll
  rb-fsevent (>= 0.4.0)
  rdiscount
  shotgun
